PATH
  remote: .
  specs:
    demeter-cli (0.0.1)
      aws-sdk (~> 2.1)
      bundler (~> 1.6)
      colorize (~> 0.7)
      dotenv (~> 2.0)
      hashdiff (~> 0.2)
      terminal-table (~> 1.5)
      thor (~> 0.19)

GEM
  remote: https://rubygems.org/
  specs:
    aws-eventstream (1.0.3)
    aws-sdk (2.11.456)
      aws-sdk-resources (= 2.11.456)
    aws-sdk-core (2.11.456)
      aws-sigv4 (~> 1.0)
      jmespath (~> 1.0)
    aws-sdk-resources (2.11.456)
      aws-sdk-core (= 2.11.456)
    aws-sigv4 (1.1.1)
      aws-eventstream (~> 1.0, >= 1.0.2)
    coderay (1.1.0)
    colorize (0.8.1)
    diff-lcs (1.2.5)
    docile (1.1.5)
    dotenv (2.7.5)
    hashdiff (0.4.0)
    jmespath (1.4.0)
    json (1.8.3)
    method_source (0.8.2)
    pry (0.10.3)
      coderay (~> 1.1.0)
      method_source (~> 0.8.1)
      slop (~> 3.4)
    rake (12.3.3)
    rspec (3.3.0)
      rspec-core (~> 3.3.0)
      rspec-expectations (~> 3.3.0)
      rspec-mocks (~> 3.3.0)
    rspec-core (3.3.2)
      rspec-support (~> 3.3.0)
    rspec-expectations (3.3.1)
      diff-lcs (>= 1.2.0, < 2.0)
      rspec-support (~> 3.3.0)
    rspec-mocks (3.3.2)
      diff-lcs (>= 1.2.0, < 2.0)
      rspec-support (~> 3.3.0)
    rspec-support (3.3.0)
    simplecov (0.10.0)
      docile (~> 1.1.0)
      json (~> 1.8)
      simplecov-html (~> 0.10.0)
    simplecov-html (0.10.0)
    slop (3.6.0)
    terminal-table (1.8.0)
      unicode-display_width (~> 1.1, >= 1.1.1)
    thor (0.20.3)
    unicode-display_width (1.6.1)

PLATFORMS
  ruby

DEPENDENCIES
  demeter-cli!
  pry
  rake (~> 12)
  rspec (~> 3.3)
  simplecov

BUNDLED WITH
   1.10.6
